GEM
  remote: http://rubygems.org/
  specs:
    abstract (1.0.0)
    actionmailer (3.0.9)
      actionpack (= 3.0.9)
      mail (~> 2.2.19)
    actionpack (3.0.9)
      activemodel (= 3.0.9)
      activesupport (= 3.0.9)
      builder (~> 2.1.2)
      erubis (~> 2.6.6)
      i18n (~> 0.5.0)
      rack (~> 1.2.1)
      rack-mount (~> 0.6.14)
      rack-test (~> 0.5.7)
      tzinfo (~> 0.3.23)
    activemodel (3.0.9)
      activesupport (= 3.0.9)
      builder (~> 2.1.2)
      i18n (~> 0.5.0)
    activerecord (3.0.9)
      activemodel (= 3.0.9)
      activesupport (= 3.0.9)
      arel (~> 2.0.10)
      tzinfo (~> 0.3.23)
    activeresource (3.0.9)
      activemodel (= 3.0.9)
      activesupport (= 3.0.9)
    activesupport (3.0.9)
    arel (2.0.10)
    blockenspiel (0.4.3)
    bombshell (0.1.5)
    brighter_planet_metadata (0.0.13)
      activesupport (>= 2.3.4)
      cache_method
      eat
      i18n
    builder (2.1.2)
    cache (0.2.5)
      activesupport (>= 2.3.11)
      i18n
    cache_method (0.1.5)
      cache (>= 0.2.1)
    carbon (1.1.2)
      activesupport (>= 2.3.5)
      blockenspiel
      bombshell
      brighter_planet_metadata
      conversions
      i18n
      nap
      timeframe
    conversions (1.4.5)
      activesupport (>= 2.3.4)
    dalli (1.0.5)
    eat (0.1.2)
    erubis (2.6.6)
      abstract (>= 1.0.0)
    hoptoad_notifier (2.4.11)
      activesupport
      builder
    i18n (0.5.0)
    lock_method (0.2.0)
      cache (>= 0.2.1)
    mail (2.2.19)
      activesupport (>= 2.3.6)
      i18n (>= 0.4.0)
      mime-types (~> 1.16)
      treetop (~> 1.4.8)
    mime-types (1.16)
    nap (0.4)
    nokogiri (1.5.0)
    pg (0.11.0)
    polyglot (0.3.1)
    rack (1.2.3)
    rack-mount (0.6.14)
      rack (>= 1.0.0)
    rack-test (0.5.7)
      rack (>= 1.0)
    rails (3.0.9)
      actionmailer (= 3.0.9)
      actionpack (= 3.0.9)
      activerecord (= 3.0.9)
      activeresource (= 3.0.9)
      activesupport (= 3.0.9)
      bundler (~> 1.0)
      railties (= 3.0.9)
    railties (3.0.9)
      actionpack (= 3.0.9)
      activesupport (= 3.0.9)
      rake (>= 0.8.7)
      rdoc (~> 3.4)
      thor (~> 0.14.4)
    rake (0.9.2)
    rdoc (3.8)
    simple-rss (1.2.3)
    sqlite3 (1.3.4)
    sqlite3-ruby (1.3.3)
      sqlite3 (>= 1.3.3)
    thor (0.14.6)
    timeframe (0.0.11)
      activesupport (>= 2.3.5)
      i18n
    treetop (1.4.9)
      polyglot (>= 0.3.1)
    tzinfo (0.3.29)

PLATFORMS
  ruby

DEPENDENCIES
  cache
  cache_method
  carbon
  dalli
  hoptoad_notifier
  lock_method
  nokogiri
  pg
  rails (= 3.0.9)
  rake
  simple-rss
  sqlite3-ruby
